PATH
  remote: .
  specs:
    ae_vault (0.1.0)
      vault

GEM
  remote: https://rubygems.org/
  specs:
    aws-eventstream (1.0.3)
    aws-sigv4 (1.1.1)
      aws-eventstream (~> 1.0, >= 1.0.2)
    minitest (5.14.0)
    rake (13.0.1)
    vault (0.13.0)
      aws-sigv4

PLATFORMS
  ruby

DEPENDENCIES
  ae_vault!
  bundler
  minitest (~> 5.0)
  rake

BUNDLED WITH
   1.17.3
